GEM
  remote: http://rubygems.org/
  specs:
    git (1.2.5)
    god (0.11.0)
    highline (1.6.2)
    jeweler (1.6.4)
      bundler (~> 1.0)
      git (>= 1.2.5)
      rake
    minitest (2.5.1)
    rake (0.9.2)
    rcov (0.9.10)
    yard (0.6.8)

PLATFORMS
  ruby

DEPENDENCIES
  bundler (~> 1.0.0)
  god (~> 0.11.0)
  highline (~> 1.6.2)
  jeweler (~> 1.6.4)
  minitest
  rcov
  yard (~> 0.6.0)
